GEM
  remote: http://rubygems.org/
  specs:
    actionmailer (2.3.15)
      actionpack (= 2.3.15)
    actionpack (2.3.15)
      activesupport (= 2.3.15)
      rack (~> 1.1.3)
    activerecord (2.3.15)
      activesupport (= 2.3.15)
    activeresource (2.3.15)
      activesupport (= 2.3.15)
    activesupport (2.3.15)
    haml (3.0.12)
    i18n_action_mailer (0.2.2)
    mysql (2.8.1)
    rack (1.1.5)
    rails (2.3.15)
      actionmailer (= 2.3.15)
      actionpack (= 2.3.15)
      activerecord (= 2.3.15)
      activeresource (= 2.3.15)
      activesupport (= 2.3.15)
      rake (>= 0.8.3)
    rake (10.0.3)

PLATFORMS
  ruby

DEPENDENCIES
  haml (= 3.0.12)
  i18n_action_mailer (= 0.2.2)
  mysql (= 2.8.1)
  rails (= 2.3.15)
