GEM
  remote: http://rubygems.org/
  specs:
    actionmailer (2.3.18)
      actionpack (= 2.3.18)
    actionpack (2.3.18)
      activesupport (= 2.3.18)
      rack (~> 1.1.0)
    activerecord (2.3.18)
      activesupport (= 2.3.18)
    activeresource (2.3.18)
      activesupport (= 2.3.18)
    activesupport (2.3.18)
    haml (3.0.12)
    i18n_action_mailer (0.2.2)
    json (1.8.0)
    mysql (2.8.1)
    rack (1.1.6)
    rails (2.3.18)
      actionmailer (= 2.3.18)
      actionpack (= 2.3.18)
      activerecord (= 2.3.18)
      activeresource (= 2.3.18)
      activesupport (= 2.3.18)
      rake (>= 0.8.3)
    rake (10.0.4)
    rdoc (4.0.1)
      json (~> 1.4)
    settingslogic (2.0.9)

PLATFORMS
  ruby

DEPENDENCIES
  haml (= 3.0.12)
  i18n_action_mailer (= 0.2.2)
  mysql (= 2.8.1)
  rails (= 2.3.18)
  rdoc
  settingslogic
